GEM
  specs:
    columnize (0.3.1)
    linecache (0.43)
    mysql (2.8.1)
    rack (1.2.1)
    ruby-debug (0.10.3)
      columnize (>= 0.1)
      ruby-debug-base (~> 0.10.3.0)
    ruby-debug-base (0.10.3)
      linecache (>= 0.3)
    sequel (3.15.0)
    sinatra (1.0)
      rack (>= 1.0)

PLATFORMS
  ruby

DEPENDENCIES
  mysql
  ruby-debug
  sequel
  sinatra
